GEM
  remote: https://rubygems.org/
  specs:
    haml (4.0.5)
      tilt
    kgio (2.9.2)
    libxml-ruby (2.6.0)
    rack (1.5.2)
    rack-protection (1.5.3)
      rack
    raindrops (0.13.0)
    ratom (0.8.2)
      libxml-ruby (~> 2.6.0)
    redcarpet (3.1.2)
    sass (3.3.8)
    sinatra (1.4.5)
      rack (~> 1.4)
      rack-protection (~> 1.4)
      tilt (~> 1.3, >= 1.3.4)
    spandex (0.0.7)
      ratom
      tilt
    tilt (1.4.1)
    unicorn (4.8.3)
      kgio (~> 2.6)
      rack
      raindrops (~> 0.7)

PLATFORMS
  ruby

DEPENDENCIES
  haml
  redcarpet
  sass
  sinatra (~> 1.4.5)
  spandex
  tilt
  unicorn
