GEM
  specs:
    haml (3.1.2)
    libxml-ruby (2.2.2)
    rack (1.3.3)
    ratom (0.6.9)
      libxml-ruby (>= 1.1.2)
    redcarpet (1.17.2)
    sass (3.1.7)
    sinatra (1.2.6)
      rack (~> 1.1)
      tilt (< 2.0, >= 1.2.2)
    spandex (0.0.5)
      ratom
      tilt
    tilt (1.3.3)

PLATFORMS
  ruby

DEPENDENCIES
  haml
  redcarpet
  sass (>= 0.0.5)
  sinatra
  spandex
  tilt
