GIT
  remote: git://github.com/icambron/spandex.git
  revision: 0f1877f51396e43a311aabe65c0347075ab779f9
  specs:
    spandex (0.0.1)
      ratom
      tilt

GEM
  specs:
    haml (3.1.2)
    libxml-ruby (2.2.2)
    rack (1.3.3)
    ratom (0.6.9)
      libxml-ruby (>= 1.1.2)
    redcarpet (1.17.2)
    sass (3.1.7)
    sinatra (1.2.6)
      rack (~> 1.1)
      tilt (< 2.0, >= 1.2.2)
    tilt (1.3.3)

PLATFORMS
  ruby

DEPENDENCIES
  haml
  redcarpet
  sass
  sinatra
  spandex!
  tilt
